GIT
  remote: https://github.com/hashicorp/vagrant.git
  revision: 1ef024984bc0cf41abc6be6f7967b57e7afe85b8
  specs:
    vagrant (2.2.8.dev)
      bcrypt_pbkdf (~> 1.0.0)
      childprocess (~> 0.6.0)
      ed25519 (~> 1.2.4)
      erubis (~> 2.7.0)
      hashicorp-checkpoint (~> 0.1.5)
      i18n (~> 1.1)
      listen (~> 3.1.5)
      log4r (~> 1.1.9, < 1.1.11)
      net-scp (~> 1.2.0)
      net-sftp (~> 2.1)
      net-ssh (~> 5.1.0)
      rb-kqueue (~> 0.2.0)
      rest-client (>= 1.6.0, < 3.0)
      ruby_dep (<= 1.3.1)
      rubyzip (~> 1.3)
      vagrant_cloud (~> 2.0.3)
      wdm (~> 0.1.0)
      winrm (~> 2.1)
      winrm-elevated (~> 1.1)
      winrm-fs (~> 1.0)

PATH
  remote: .
  specs:
    vagrant-devenv (0.0.1)
      dry-initializer (~> 3.0.3)
      dry-validation (~> 1.4.2)
      mustache (~> 1.1.1)
      thor (~> 1.0.1)

GEM
  remote: https://rubygems.org/
  specs:
    bcrypt_pbkdf (1.0.1-x64-mingw32)
    builder (3.2.4)
    childprocess (0.6.3)
      ffi (~> 1.0, >= 1.0.11)
    concurrent-ruby (1.1.6)
    domain_name (0.5.20190701)
      unf (>= 0.0.5, < 1.0.0)
    dry-configurable (0.11.3)
      concurrent-ruby (~> 1.0)
      dry-core (~> 0.4, >= 0.4.7)
      dry-equalizer (~> 0.2)
    dry-container (0.7.2)
      concurrent-ruby (~> 1.0)
      dry-configurable (~> 0.1, >= 0.1.3)
    dry-core (0.4.9)
      concurrent-ruby (~> 1.0)
    dry-equalizer (0.3.0)
    dry-inflector (0.2.0)
    dry-initializer (3.0.3)
    dry-logic (1.0.6)
      concurrent-ruby (~> 1.0)
      dry-core (~> 0.2)
      dry-equalizer (~> 0.2)
    dry-schema (1.4.3)
      concurrent-ruby (~> 1.0)
      dry-configurable (~> 0.8, >= 0.8.3)
      dry-core (~> 0.4)
      dry-equalizer (~> 0.2)
      dry-initializer (~> 3.0)
      dry-logic (~> 1.0)
      dry-types (~> 1.2)
    dry-types (1.3.1)
      concurrent-ruby (~> 1.0)
      dry-container (~> 0.3)
      dry-core (~> 0.4, >= 0.4.4)
      dry-equalizer (~> 0.3)
      dry-inflector (~> 0.1, >= 0.1.2)
      dry-logic (~> 1.0, >= 1.0.2)
    dry-validation (1.4.2)
      concurrent-ruby (~> 1.0)
      dry-container (~> 0.7, >= 0.7.1)
      dry-core (~> 0.4)
      dry-equalizer (~> 0.2)
      dry-initializer (~> 3.0)
      dry-schema (~> 1.4, >= 1.4.3)
    ed25519 (1.2.4)
    erubi (1.9.0)
    erubis (2.7.0)
    ffi (1.12.2-x64-mingw32)
    gssapi (1.3.0)
      ffi (>= 1.0.1)
    gyoku (1.3.1)
      builder (>= 2.1.2)
    hashicorp-checkpoint (0.1.5)
    http-cookie (1.0.3)
      domain_name (~> 0.5)
    httpclient (2.8.3)
    i18n (1.8.2)
      concurrent-ruby (~> 1.0)
    listen (3.1.5)
      rb-fsevent (~> 0.9, >= 0.9.4)
      rb-inotify (~> 0.9, >= 0.9.7)
      ruby_dep (~> 1.2)
    little-plugger (1.1.4)
    log4r (1.1.10)
    logging (2.2.2)
      little-plugger (~> 1.1)
      multi_json (~> 1.10)
    mime-types (3.3.1)
      mime-types-data (~> 3.2015)
    mime-types-data (3.2019.1009)
    multi_json (1.14.1)
    mustache (1.1.1)
    net-scp (1.2.1)
      net-ssh (>= 2.6.5)
    net-sftp (2.1.2)
      net-ssh (>= 2.6.5)
    net-ssh (5.1.0)
    netrc (0.11.0)
    nori (2.6.0)
    rb-fsevent (0.10.3)
    rb-inotify (0.10.1)
      ffi (~> 1.0)
    rb-kqueue (0.2.5)
      ffi (>= 0.5.0)
    rest-client (2.0.2-x64-mingw32)
      ffi (~> 1.9)
      http-cookie (>= 1.0.2, < 2.0)
      mime-types (>= 1.16, < 4.0)
      netrc (~> 0.8)
    ruby_dep (1.3.1)
    rubyntlm (0.6.2)
    rubyzip (1.3.0)
    thor (1.0.1)
    unf (0.1.4)
      unf_ext
    unf_ext (0.0.7.6)
    vagrant_cloud (2.0.3)
      rest-client (~> 2.0.2)
    wdm (0.1.1)
    winrm (2.3.4)
      builder (>= 2.1.2)
      erubi (~> 1.8)
      gssapi (~> 1.2)
      gyoku (~> 1.0)
      httpclient (~> 2.2, >= 2.2.0.2)
      logging (>= 1.6.1, < 3.0)
      nori (~> 2.0)
      rubyntlm (~> 0.6.0, >= 0.6.1)
    winrm-elevated (1.2.1)
      erubi (~> 1.8)
      winrm (~> 2.0)
      winrm-fs (~> 1.0)
    winrm-fs (1.3.3)
      erubi (~> 1.8)
      logging (>= 1.6.1, < 3.0)
      rubyzip (~> 1.1)
      winrm (~> 2.0)

PLATFORMS
  x64-mingw32

DEPENDENCIES
  vagrant!
  vagrant-devenv!

BUNDLED WITH
   1.17.2
